GEM
  remote: http://rubygems.org/
  specs:
    git (1.2.5)
    jeweler (1.6.4)
      bundler (~> 1.0)
      git (>= 1.2.5)
      rake
    mysql (2.8.1)
    rake (0.9.2)
    rcov (0.9.9)
    shoulda (2.11.3)
    thor (0.14.6)

PLATFORMS
  ruby

DEPENDENCIES
  bundler (~> 1.0.0)
  jeweler (~> 1.6.4)
  mysql (~> 2.8.1)
  rcov
  shoulda
  thor (>= 0.14.6)
